GIT
  remote: https://github.com/dlouvton/vagrant-aws.git
  revision: 1fd663198e96558350be2568524524816ce92884
  specs:
    vagrant-aws (0.5.0)
      fog

GIT
  remote: https://github.com/dlouvton/vagrant.git
  revision: 07ecb5736dc5b96972b4c8ba3d35285cda26f302
  specs:
    vagrant (1.5.0)
      bundler (~> 1.5.2)
      childprocess (~> 0.5.0)
      erubis (~> 2.7.0)
      i18n (~> 0.6.0)
      listen (~> 2.4.0)
      log4r (~> 1.1.9, < 1.1.11)
      net-scp (~> 1.1.0)
      net-ssh (>= 2.6.6, < 2.8.0)
      rb-kqueue (~> 0.2.0)
      wdm (~> 0.1.0)

GIT
  remote: https://github.com/maoueh/nugrant.git
  revision: 482bed4b5347964d678ed02a5ae11651d4a009ef
  specs:
    nugrant (2.0.3.dev1)
      multi_json (~> 1.8)

GIT
  remote: https://github.com/tknerr/vagrant-managed-servers.git
  revision: b64c94b2ee15344970ceb8b058ef2b42f45b3911
  specs:
    vagrant-managed-servers (0.3.0.dev)

GEM
  specs:
    builder (3.2.2)
    celluloid (0.15.2)
      timers (~> 1.1.0)
    childprocess (0.5.1)
      ffi (~> 1.0, >= 1.0.11)
    erubis (2.7.0)
    excon (0.31.0)
    ffi (1.9.3)
    fog (1.20.0)
      builder
      excon (~> 0.31.0)
      formatador (~> 0.2.0)
      mime-types
      multi_json (~> 1.0)
      net-scp (~> 1.1)
      net-ssh (>= 2.1.3)
      nokogiri (>= 1.5.11)
    formatador (0.2.4)
    i18n (0.6.9)
    listen (2.4.0)
      celluloid (>= 0.15.2)
      rb-fsevent (>= 0.9.3)
      rb-inotify (>= 0.9)
    log4r (1.1.10)
    mime-types (2.1)
    mini_portile (0.5.2)
    multi_json (1.8.4)
    net-scp (1.1.2)
      net-ssh (>= 2.6.5)
    net-ssh (2.7.0)
    nokogiri (1.6.1)
      mini_portile (~> 0.5.0)
    rb-fsevent (0.9.4)
    rb-inotify (0.9.3)
      ffi (>= 0.5.0)
    rb-kqueue (0.2.0)
      ffi (>= 0.5.0)
    timers (1.1.0)
    unf (0.1.4)
      unf_ext
    unf_ext (0.0.6)
    wdm (0.1.0)

PLATFORMS
  ruby

DEPENDENCIES
  nugrant!
  unf
  vagrant!
  vagrant-aws!
  vagrant-managed-servers!
